PATH
  remote: .
  specs:
    weship (0.0.1)
      oauth2-client

GEM
  remote: https://rubygems.org/
  specs:
    addressable (2.3.5)
    bcrypt-ruby (3.0.1)
    oauth2-client (1.1.3)
      addressable (~> 2.3.3)
      addressable (~> 2.3.3)
      bcrypt-ruby (~> 3.0.0)
    rake (10.1.0)

PLATFORMS
  ruby

DEPENDENCIES
  bundler (~> 1.3)
  rake
  weship!
